PATH
  remote: .
  specs:
    orbit (0.0.1)

GEM
  remote: https://rubygems.org/
  specs:

PLATFORMS
  ruby

DEPENDENCIES
  orbit!
